PATH
  remote: .
  specs:
    breezy_pdf_lite (0.0.1)

GEM
  remote: https://rubygems.org/
  specs:
    ast (2.4.0)
    jaro_winkler (1.5.3)
    minitest (5.11.3)
    minitest-stub-const (0.6)
    parallel (1.18.0)
    parser (2.6.5.0)
      ast (~> 2.4.0)
    rainbow (3.0.0)
    rake (12.3.3)
    rubocop (0.76.0)
      jaro_winkler (~> 1.5.1)
      parallel (~> 1.10)
      parser (>= 2.6)
      rainbow (>= 2.2.2, < 4.0)
      ruby-progressbar (~> 1.7)
      unicode-display_width (>= 1.4.0, < 1.7)
    ruby-progressbar (1.10.1)
    unicode-display_width (1.6.0)

PLATFORMS
  ruby

DEPENDENCIES
  breezy_pdf_lite!
  bundler (~> 2.0)
  minitest (~> 5.0)
  minitest-stub-const (~> 0.6)
  rake (~> 12.3)
  rubocop (= 0.76.0)

BUNDLED WITH
   2.0.2
