PATH
  remote: .
  specs:
    breezy_pdf_lite (0.0.7)

GEM
  remote: https://rubygems.org/
  specs:
    ast (2.4.0)
    jaro_winkler (1.5.4)
    minitest (5.14.0)
    mocha (1.11.2)
    parallel (1.19.1)
    parser (2.7.0.2)
      ast (~> 2.4.0)
    rack (2.1.1)
    rainbow (3.0.0)
    rake (13.0.1)
    rubocop (0.79.0)
      jaro_winkler (~> 1.5.1)
      parallel (~> 1.10)
      parser (>= 2.7.0.1)
      rainbow (>= 2.2.2, < 4.0)
      ruby-progressbar (~> 1.7)
      unicode-display_width (>= 1.4.0, < 1.7)
    ruby-progressbar (1.10.1)
    unicode-display_width (1.6.0)

PLATFORMS
  ruby

DEPENDENCIES
  breezy_pdf_lite!
  bundler (~> 2.0)
  minitest (~> 5.0)
  mocha (= 1.11.2)
  rack (~> 2.0)
  rake (~> 13.0)
  rubocop (= 0.79.0)

BUNDLED WITH
   2.1.2
